GEM
  remote: https://rubygems.org/
  specs:
    gyazo (2.0.0)
      httmultiparty
      httparty
      json
    httmultiparty (0.3.16)
      httparty (>= 0.7.3)
      mimemagic
      multipart-post
    httparty (0.13.7)
      json (~> 1.8)
      multi_xml (>= 0.5.2)
    json (1.8.3)
    mimemagic (0.3.0)
    multi_xml (0.5.5)
    multipart-post (2.0.0)

PLATFORMS
  ruby

DEPENDENCIES
  gyazo

BUNDLED WITH
   1.10.6
